GEM
  remote: https://rubygems.org/
  specs:
    excon (0.39.5)
    json (1.8.1)
    mailchimp-api (2.0.5)
      excon (>= 0.16.0)
      json (>= 1.7.7)

PLATFORMS
  ruby

DEPENDENCIES
  json
  mailchimp-api
